GEM
  remote: https://rubygems.org/
  specs:
    actionmailer (2.3.18)
      actionpack (= 2.3.18)
    actionpack (2.3.18)
      activesupport (= 2.3.18)
      rack (~> 1.1.0)
    activerecord (2.3.18)
      activesupport (= 2.3.18)
    activeresource (2.3.18)
      activesupport (= 2.3.18)
    activesupport (2.3.18)
    acts-as-taggable-on (2.1.0)
      rails
    capybara (2.2.1)
      mime-types (>= 1.16)
      nokogiri (>= 1.3.3)
      rack (>= 1.0.0)
      rack-test (>= 0.5.4)
      xpath (~> 2.0)
    coderay (1.0.9)
    coveralls (0.7.0)
      multi_json (~> 1.3)
      rest-client
      simplecov (>= 0.7)
      term-ansicolor
      thor
    docile (1.1.3)
    edavis10-object_daddy (0.4.3)
    etherpad-lite (0.3.0)
      rest-client (>= 1.6)
    gravatarify (3.0.0)
    i18n (0.4.2)
    incoming (0.1.8)
      mail (~> 2.4)
      rack
    json (1.7.7)
    le (2.3.9)
    liquid (2.3.0)
    mail (2.6.1)
      mime-types (>= 1.16, < 3)
    metaclass (0.0.4)
    mime-types (2.2)
    mini_portile (0.5.3)
    mocha (0.12.1)
      metaclass (~> 0.0.1)
    multi_json (1.9.3)
    mysql2 (0.2.22)
    net-ldap (0.3.1)
    nokogiri (1.6.1)
      mini_portile (~> 0.5.0)
    rack (1.1.6)
    rack-test (0.6.2)
      rack (>= 1.0)
    rails (2.3.18)
      actionmailer (= 2.3.18)
      actionpack (= 2.3.18)
      activerecord (= 2.3.18)
      activeresource (= 2.3.18)
      activesupport (= 2.3.18)
      rake (>= 0.8.3)
    rake (10.3.1)
    rdoc (4.1.1)
      json (~> 1.4)
    rest-client (1.6.7)
      mime-types (>= 1.16)
    rmagick (2.13.2)
    ruby-openid (2.1.8)
    rubytree (0.5.3)
    shoulda (2.10.3)
    simplecov (0.8.2)
      docile (~> 1.1.0)
      multi_json
      simplecov-html (~> 0.8.0)
    simplecov-html (0.8.0)
    term-ansicolor (1.3.0)
      tins (~> 1.0)
    test-unit (2.5.5)
    thor (0.19.1)
    tins (1.1.0)
    tzinfo (0.3.39)
    xpath (2.0.0)
      nokogiri (~> 1.3)

PLATFORMS
  ruby

DEPENDENCIES
  activerecord-jdbcmysql-adapter
  acts-as-taggable-on (= 2.1.0)
  capybara
  coderay (~> 1.0.0)
  coveralls
  edavis10-object_daddy
  etherpad-lite
  gravatarify (~> 3.0.0)
  i18n (~> 0.4.2)
  incoming
  jruby-openssl
  json (~> 1.7.7)
  le
  liquid (~> 2.3.0)
  mime-types
  mocha (= 0.12.1)
  mysql2 (~> 0.2.7)
  net-ldap (~> 0.3.1)
  nokogiri
  rails (= 2.3.18)
  rdoc (>= 2.4.2)
  rest-client
  rmagick (>= 1.15.17)
  ruby-openid (~> 2.1.4)
  rubytree (~> 0.5.2)
  shoulda (~> 2.10.3)
  test-unit
  tzinfo (~> 0.3.31)
